PATH
  remote: .
  specs:
    gitlab-grit (2.8.2)
      charlock_holmes (~> 0.6)
      diff-lcs (~> 1.1)
      mime-types (>= 1.16)
      posix-spawn (~> 0.3)

GEM
  remote: http://rubygems.org/
  specs:
    charlock_holmes (0.6.9.4)
    coderay (1.0.9)
    colorize (0.5.8)
    coveralls (0.6.2)
      colorize
      multi_json (~> 1.3)
      rest-client
      simplecov (>= 0.7)
      thor
    diff-lcs (1.1.3)
    metaclass (0.0.1)
    method_source (0.8.1)
    mime-types (2.6.2)
    mocha (0.13.2)
      metaclass (~> 0.0.1)
    multi_json (1.7.2)
    posix-spawn (0.3.6)
    power_assert (0.2.6)
    pry (0.9.12.2)
      coderay (~> 1.0.5)
      method_source (~> 0.8)
      slop (~> 3.4)
    rake (0.9.2.2)
    rest-client (1.6.7)
      mime-types (>= 1.16)
    simplecov (0.7.1)
      multi_json (~> 1.0)
      simplecov-html (~> 0.7.1)
    simplecov-html (0.7.1)
    slop (3.4.4)
    test-unit (3.1.5)
      power_assert
    thor (0.18.0)

PLATFORMS
  ruby

DEPENDENCIES
  coveralls
  diff-lcs (~> 1.1)
  gitlab-grit!
  mime-types (>= 1.16, < 3)
  mocha (~> 0.13.2)
  posix-spawn (~> 0.3.6)
  pry
  rake
  test-unit

BUNDLED WITH
   1.15.3
